PATH
  remote: .
  specs:
    neography (0.0.30)
      httparty (>= 0.8.1)
      json
      multi_json
      os
      rake
      rubyzip

GEM
  remote: http://rubygems.org/
  specs:
    diff-lcs (1.1.3)
    httparty (0.9.0)
      multi_json (~> 1.0)
      multi_xml
    json (1.7.5)
    json (1.7.5-java)
    multi_json (1.3.6)
    multi_xml (0.5.1)
    net-http-spy (0.2.1)
    os (0.9.6)
    rake (0.9.2.2)
    rspec (2.11.0)
      rspec-core (~> 2.11.0)
      rspec-expectations (~> 2.11.0)
      rspec-mocks (~> 2.11.0)
    rspec-core (2.11.1)
    rspec-expectations (2.11.3)
      diff-lcs (~> 1.1.3)
    rspec-mocks (2.11.2)
    rubyzip (0.9.9)

PLATFORMS
  java
  ruby

DEPENDENCIES
  neography!
  net-http-spy (= 0.2.1)
  rake
  rspec
