PATH
  remote: .
  specs:
    neography (0.0.13)
      httparty (~> 0.7.3)
      json

GEM
  remote: http://rubygems.org/
  specs:
    crack (0.1.8)
    diff-lcs (1.1.2)
    fakeweb (1.3.0)
    httparty (0.7.4)
      crack (= 0.1.8)
    json (1.4.6)
    json (1.4.6-java)
    net-http-spy (0.2.1)
    rake (0.8.7)
    rspec (2.0.1)
      rspec-core (~> 2.0.1)
      rspec-expectations (~> 2.0.1)
      rspec-mocks (~> 2.0.1)
    rspec-core (2.0.1)
    rspec-expectations (2.0.1)
      diff-lcs (>= 1.1.2)
    rspec-mocks (2.0.1)
      rspec-core (~> 2.0.1)
      rspec-expectations (~> 2.0.1)

PLATFORMS
  java
  ruby

DEPENDENCIES
  fakeweb (~> 1.3.0)
  neography!
  net-http-spy (= 0.2.1)
  rake (~> 0.8.7)
  rspec (~> 2.0.0.beta.22)
